STORAGE: NONE
RESTRICTION: || (== netcoreapp3.0) (== netstandard2.0) (== netstandard2.1)
NUGET
  remote: https://api.nuget.org/v3/index.json
    FSharp.Core (4.7)
    FSharpPlus (1.1.0-CI00252)
      FSharp.Core (>= 4.3.4)
